PATH
  remote: .
  specs:
    pero (0.1.0)
      docker-api
      logger
      thor

GEM
  remote: https://rubygems.org/
  specs:
    diff-lcs (1.4.4)
    docker-api (1.34.2)
      excon (>= 0.47.0)
      multi_json
    excon (0.76.0)
    logger (1.3.0)
    multi_json (1.15.0)
    rake (10.5.0)
    rspec (3.9.0)
      rspec-core (~> 3.9.0)
      rspec-expectations (~> 3.9.0)
      rspec-mocks (~> 3.9.0)
    rspec-core (3.9.2)
      rspec-support (~> 3.9.3)
    rspec-expectations (3.9.2)
      diff-lcs (>= 1.2.0, < 2.0)
      rspec-support (~> 3.9.0)
    rspec-mocks (3.9.1)
      diff-lcs (>= 1.2.0, < 2.0)
      rspec-support (~> 3.9.0)
    rspec-support (3.9.3)
    thor (1.0.1)

PLATFORMS
  ruby

DEPENDENCIES
  bundler (~> 1.17)
  pero!
  rake (~> 10.0)
  rspec (~> 3.0)

BUNDLED WITH
   1.17.3
